GEM
  remote: https://rubygems.org/
  specs:
    ffi (1.13.1)
    foreman (0.87.2)
    listen (3.3.3)
      rb-fsevent (~> 0.10, >= 0.10.3)
      rb-inotify (~> 0.9, >= 0.9.10)
    multi_json (1.15.0)
    mustermann (1.1.1)
      ruby2_keywords (~> 0.0.1)
    rack (2.2.3)
    rack-protection (2.1.0)
      rack
    rb-fsevent (0.10.4)
    rb-inotify (0.10.1)
      ffi (~> 1.0)
    rerun (0.13.0)
      listen (~> 3.0)
    ruby2_keywords (0.0.2)
    sinatra (2.1.0)
      mustermann (~> 1.0)
      rack (~> 2.2)
      rack-protection (= 2.1.0)
      tilt (~> 2.0)
    sinatra-contrib (2.1.0)
      multi_json
      mustermann (~> 1.0)
      rack-protection (= 2.1.0)
      sinatra (= 2.1.0)
      tilt (~> 2.0)
    sinatra-namespace (1.0)
      sinatra-contrib
    smarter_csv (1.2.6)
    tilt (2.0.10)

PLATFORMS
  ruby

DEPENDENCIES
  foreman
  rerun
  sinatra
  sinatra-namespace
  smarter_csv

BUNDLED WITH
   2.1.4
